PATH
  remote: .
  specs:
    armory (0.1.0)
      nokogiri (~> 1.4.3)
      typhoeus (~> 0.2.0)

GEM
  remote: http://rubygems.org/
  specs:
    diff-lcs (1.1.2)
    mocha (0.9.9)
      rake
    nokogiri (1.4.3.1)
    rake (0.8.7)
    rspec (2.1.0)
      rspec-core (~> 2.1.0)
      rspec-expectations (~> 2.1.0)
      rspec-mocks (~> 2.1.0)
    rspec-core (2.1.0)
    rspec-expectations (2.1.0)
      diff-lcs (~> 1.1.2)
    rspec-mocks (2.1.0)
    typhoeus (0.2.0)

PLATFORMS
  ruby

DEPENDENCIES
  armory!
  mocha (~> 0.9.9)
  nokogiri (~> 1.4.3)
  rspec (~> 2.1.0)
  typhoeus (~> 0.2.0)
