PATH
  remote: .
  specs:
    armory (0.1.0)
      nokogiri (~> 1.4.3)
      typhoeus (~> 0.1.31)

GEM
  remote: http://rubygems.org/
  specs:
    archive-tar-minitar (0.5.2)
    columnize (0.3.2)
    diff-lcs (1.1.2)
    linecache19 (0.5.11)
      ruby_core_source (>= 0.1.4)
    mocha (0.9.9)
      rake
    nokogiri (1.4.3.1)
    rack (1.2.1)
    rake (0.8.7)
    rspec (2.1.0)
      rspec-core (~> 2.1.0)
      rspec-expectations (~> 2.1.0)
      rspec-mocks (~> 2.1.0)
    rspec-core (2.1.0)
    rspec-expectations (2.1.0)
      diff-lcs (~> 1.1.2)
    rspec-mocks (2.1.0)
    ruby-debug-base19 (0.11.24)
      columnize (>= 0.3.1)
      linecache19 (>= 0.5.11)
      ruby_core_source (>= 0.1.4)
    ruby-debug19 (0.11.6)
      columnize (>= 0.3.1)
      linecache19 (>= 0.5.11)
      ruby-debug-base19 (>= 0.11.19)
    ruby_core_source (0.1.4)
      archive-tar-minitar (>= 0.5.2)
    typhoeus (0.1.31)
      rack

PLATFORMS
  ruby

DEPENDENCIES
  armory!
  mocha (~> 0.9.8)
  nokogiri (~> 1.4.3)
  rspec (~> 2.1.0)
  ruby-debug19
  typhoeus (~> 0.1.31)
