PATH
  remote: .
  specs:
    armory (0.1.0)
      nokogiri (~> 1.4.3)
      typhoeus (~> 0.1.31)

GEM
  specs:
    diff-lcs (1.1.2)
    mocha (0.9.9)
      rake
    nokogiri (1.4.3.1)
    rack (1.2.1)
    rake (0.8.7)
    rspec (2.0.1)
      rspec-core (~> 2.0.1)
      rspec-expectations (~> 2.0.1)
      rspec-mocks (~> 2.0.1)
    rspec-core (2.0.1)
    rspec-expectations (2.0.1)
      diff-lcs (>= 1.1.2)
    rspec-mocks (2.0.1)
      rspec-core (~> 2.0.1)
      rspec-expectations (~> 2.0.1)
    typhoeus (0.1.31)
      rack

PLATFORMS
  ruby

DEPENDENCIES
  armory!
  mocha (~> 0.9.8)
  nokogiri (~> 1.4.3)
  rspec (~> 2.0.0)
  typhoeus (~> 0.1.31)
